PATH
  remote: .
  specs:
    rulers (0.1.1)
      erubis
      rack

GEM
  remote: https://rubygems.org/
  specs:
    erubis (2.7.0)
    rack (2.2.4)
    rack-test (2.0.2)
      rack (>= 1.3)
    rake (10.5.0)

PLATFORMS
  arm64-darwin-21

DEPENDENCIES
  bundler
  rack-test
  rake (~> 10.0)
  rulers!

BUNDLED WITH
   2.3.7
